GEM
  remote: https://rubygems.org/
  specs:
    ast (2.4.0)
    docile (1.3.1)
    httparty (0.16.3)
      mime-types (~> 3.0)
      multi_xml (>= 0.5.2)
    jaro_winkler (1.5.1)
    json (2.1.0)
    metaclass (0.0.4)
    mime-types (3.2.2)
      mime-types-data (~> 3.2015)
    mime-types-data (3.2018.0812)
    minitest (5.11.3)
    mocha (1.7.0)
      metaclass (~> 0.0.1)
    multi_xml (0.6.0)
    mustermann (1.0.3)
    parallel (1.12.1)
    parser (2.5.3.0)
      ast (~> 2.4.0)
    power_assert (1.1.3)
    powerpack (0.1.2)
    rack (2.0.6)
    rack-minitest (0.0.10)
      json
      minitest (~> 5.0)
      rack-test
    rack-protection (2.0.4)
      rack
    rack-test (1.1.0)
      rack (>= 1.0, < 3)
    rainbow (3.0.0)
    rake (12.3.2)
    require_all (2.0.0)
    rubocop (0.61.1)
      jaro_winkler (~> 1.5.1)
      parallel (~> 1.10)
      parser (>= 2.5, != 2.5.1.1)
      powerpack (~> 0.1)
      rainbow (>= 2.2.2, < 4.0)
      ruby-progressbar (~> 1.7)
      unicode-display_width (~> 1.4.0)
    ruby-progressbar (1.10.0)
    shotgun (0.9.2)
      rack (>= 1.0)
    simplecov (0.16.1)
      docile (~> 1.1)
      json (>= 1.8, < 3)
      simplecov-html (~> 0.10.0)
    simplecov-html (0.10.2)
    sinatra (2.0.4)
      mustermann (~> 1.0)
      rack (~> 2.0)
      rack-protection (= 2.0.4)
      tilt (~> 2.0)
    test-spec (0.10.0)
    test-unit (3.2.9)
      power_assert
    tilt (2.0.9)
    unicode-display_width (1.4.0)

PLATFORMS
  ruby

DEPENDENCIES
  httparty
  minitest
  mocha
  rack-minitest
  rack-test
  rake
  require_all
  rubocop
  shotgun
  simplecov
  sinatra
  test-spec
  test-unit

BUNDLED WITH
   1.16.3
